GEM
  remote: https://rubygems.org/
  specs:
    icalendar (2.3.0)
    mini_portile (0.6.2)
    nokogiri (1.6.6.2)
      mini_portile (~> 0.6.0)

PLATFORMS
  ruby

DEPENDENCIES
  icalendar
  nokogiri
